PATH
  remote: /opt/gems/paypal
  specs:
    paypal (0.1.0)

GEM
  remote: http://rubygems.org/
  specs:
    abstract (1.0.0)
    actionmailer (3.0.4.rc)
      actionpack (= 3.0.4.rc)
      mail (~> 2.2.9)
    actionpack (3.0.4.rc)
      activemodel (= 3.0.4.rc)
      activesupport (= 3.0.4.rc)
      builder (~> 2.1.2)
      erubis (~> 2.6.6)
      i18n (~> 0.4)
      rack (~> 1.2.1)
      rack-mount (~> 0.6.13)
      rack-test (~> 0.5.7)
      tzinfo (~> 0.3.23)
    active_shipping (0.9.7)
      activesupport (>= 2.3.5)
    activemerchant (1.10.0)
      activesupport (>= 2.3.2)
      braintree (>= 2.0.0)
      builder (>= 2.0.0)
    activemodel (3.0.4.rc)
      activesupport (= 3.0.4.rc)
      builder (~> 2.1.2)
      i18n (~> 0.4)
    activerecord (3.0.4.rc)
      activemodel (= 3.0.4.rc)
      activesupport (= 3.0.4.rc)
      arel (~> 2.0.2)
      tzinfo (~> 0.3.23)
    activerecord-oracle_enhanced-adapter (1.3.2)
    activeresource (3.0.4.rc)
      activemodel (= 3.0.4.rc)
      activesupport (= 3.0.4.rc)
    activesupport (3.0.4.rc)
    archive-tar-minitar (0.5.2)
    arel (2.0.7)
    bcrypt-ruby (2.1.4)
    braintree (2.6.3)
      builder
    builder (2.1.2)
    capybara (0.4.1.1)
      celerity (>= 0.7.9)
      culerity (>= 0.2.4)
      mime-types (>= 1.16)
      nokogiri (>= 1.3.3)
      rack (>= 1.0.0)
      rack-test (>= 0.5.4)
      selenium-webdriver (>= 0.0.27)
      xpath (~> 0.1.3)
    celerity (0.8.7)
    childprocess (0.1.6)
      ffi (~> 0.6.3)
    columnize (0.3.2)
    configuration (1.2.0)
    cucumber (0.10.0)
      builder (>= 2.1.2)
      diff-lcs (~> 1.1.2)
      gherkin (~> 2.3.2)
      json (~> 1.4.6)
      term-ansicolor (~> 1.0.5)
    cucumber-rails (0.3.2)
      cucumber (>= 0.8.0)
    culerity (0.2.15)
    database_cleaner (0.6.0)
    deadweight (0.1.3)
      hpricot
    devise (1.1.5)
      bcrypt-ruby (~> 2.1.2)
      warden (~> 1.0.2)
    diff-lcs (1.1.2)
    erubis (2.6.6)
      abstract (>= 1.0.0)
    escape_utils (0.1.9)
    ffi (0.6.3)
      rake (>= 0.8.7)
    gherkin (2.3.3)
      json (~> 1.4.6)
    haml (3.0.25)
    hirb (0.3.6)
    hpricot (0.8.3)
    i18n (0.5.0)
    json (1.4.6)
    json_pure (1.5.0)
    launchy (0.3.7)
      configuration (>= 0.0.5)
      rake (>= 0.8.1)
    linecache19 (0.5.11)
      ruby_core_source (>= 0.1.4)
    machinist (2.0.0.beta2)
    mail (2.2.14)
      activesupport (>= 2.3.6)
      i18n (>= 0.4.0)
      mime-types (~> 1.16)
      treetop (~> 1.4.8)
    mime-types (1.16)
    money (3.5.5)
      i18n (~> 0.4)
    nokogiri (1.4.4)
    polyglot (0.3.1)
    rack (1.2.1)
    rack-mount (0.6.13)
      rack (>= 1.0.0)
    rack-openid (1.2.0)
      rack (>= 1.1.0)
      ruby-openid (>= 2.1.8)
    rack-test (0.5.7)
      rack (>= 1.0)
    rails (3.0.4.rc)
      actionmailer (= 3.0.4.rc)
      actionpack (= 3.0.4.rc)
      activerecord (= 3.0.4.rc)
      activeresource (= 3.0.4.rc)
      activesupport (= 3.0.4.rc)
      bundler (~> 1.0)
      railties (= 3.0.4.rc)
    railties (3.0.4.rc)
      actionpack (= 3.0.4.rc)
      activesupport (= 3.0.4.rc)
      rake (>= 0.8.7)
      thor (~> 0.14.4)
    rake (0.8.7)
    rspec (2.4.0)
      rspec-core (~> 2.4.0)
      rspec-expectations (~> 2.4.0)
      rspec-mocks (~> 2.4.0)
    rspec-core (2.4.0)
    rspec-expectations (2.4.0)
      diff-lcs (~> 1.1.2)
    rspec-mocks (2.4.0)
    rspec-rails (2.4.1)
      actionpack (~> 3.0)
      activesupport (~> 3.0)
      railties (~> 3.0)
      rspec (~> 2.4.0)
    ruby-debug-base19 (0.11.24)
      columnize (>= 0.3.1)
      linecache19 (>= 0.5.11)
      ruby_core_source (>= 0.1.4)
    ruby-debug19 (0.11.6)
      columnize (>= 0.3.1)
      linecache19 (>= 0.5.11)
      ruby-debug-base19 (>= 0.11.19)
    ruby-oci8 (2.1.x)
    ruby-openid (2.1.8)
    ruby-plsql (0.4.4)
    ruby_core_source (0.1.4)
      archive-tar-minitar (>= 0.5.2)
    rubyzip (0.9.4)
    selenium-webdriver (0.1.2)
      childprocess (~> 0.1.5)
      ffi (~> 0.6.3)
      json_pure
      rubyzip
    state_machine (0.9.4)
    syntax (1.0.0)
    term-ansicolor (1.0.5)
    thor (0.14.6)
    treetop (1.4.9)
      polyglot (>= 0.3.1)
    tzinfo (0.3.24)
    unicode_utils (1.0.0)
    warden (1.0.3)
      rack (>= 1.0.0)
    warden-openid (0.1.0)
      rack-openid
      warden
    webrat (0.7.3)
      nokogiri (>= 1.2.0)
      rack (>= 1.0)
      rack-test (>= 0.5.3)
    will_paginate (3.0.pre2)
    wirble (0.1.3)
    xpath (0.1.3)
      nokogiri (~> 1.3)

PLATFORMS
  ruby

DEPENDENCIES
  active_shipping
  activemerchant
  activerecord-oracle_enhanced-adapter
  capybara
  cucumber
  cucumber-rails
  database_cleaner
  deadweight
  devise
  escape_utils
  haml
  hirb
  launchy
  machinist (>= 2.0.0.beta2)
  money
  paypal (= 0.1.0)!
  rails (= 3.0.4.rc)
  rspec
  rspec-rails
  ruby-debug19
  ruby-oci8 (= 2.1.x)
  ruby-plsql
  selenium-webdriver
  state_machine
  syntax
  unicode_utils
  warden
  warden-openid
  webrat
  will_paginate (>= 3.0.pre2)
  wirble
