PATH
  remote: /opt/gems/active_merchant
  specs:
    activemerchant (1.7.1)
      activesupport (>= 2.3.2)
      braintree (>= 2.0.0)
      builder (>= 2.0.0)

PATH
  remote: /opt/gems/active_shipping
  specs:
    active_shipping (0.9.1)
      activesupport (>= 2.3.5)

PATH
  remote: /opt/gems/devise
  specs:
    devise (1.2.0)
      bcrypt-ruby (~> 2.1.2)
      warden (~> 0.10.7)

PATH
  remote: /opt/gems/warden
  specs:
    warden (0.10.7)
      rack (>= 1.0.0)

PATH
  remote: /opt/gems/warden-openid
  specs:
    warden-openid (0.1.0)
      rack-openid
      warden

PATH
  remote: /opt/www/store/gems/paypal
  specs:
    paypal (0.1.0)

GEM
  remote: http://rubygems.org/
  specs:
    abstract (1.0.0)
    actionmailer (3.0.1.pre)
      actionpack (= 3.0.1.pre)
      mail (~> 2.2.6.1)
    actionpack (3.0.1.pre)
      activemodel (= 3.0.1.pre)
      activesupport (= 3.0.1.pre)
      builder (~> 2.1.2)
      erubis (~> 2.6.6)
      i18n (~> 0.4.1)
      rack (~> 1.2.1)
      rack-mount (~> 0.6.13)
      rack-test (~> 0.5.6)
      tzinfo (~> 0.3.23)
    activemodel (3.0.1.pre)
      activesupport (= 3.0.1.pre)
      builder (~> 2.1.2)
      i18n (~> 0.4.1)
    activerecord (3.0.1.pre)
      activemodel (= 3.0.1.pre)
      activesupport (= 3.0.1.pre)
      arel (~> 2.0.0)
      tzinfo (~> 0.3.23)
    activerecord-oracle_enhanced-adapter (1.3.1)
    activeresource (3.0.1.pre)
      activemodel (= 3.0.1.pre)
      activesupport (= 3.0.1.pre)
    activesupport (3.0.1.pre)
    arel (2.0.0)
    bcrypt-ruby (2.1.2)
    braintree (2.6.1)
      builder
    builder (2.1.2)
    capybara (0.3.9)
      culerity (>= 0.2.4)
      mime-types (>= 1.16)
      nokogiri (>= 1.3.3)
      rack (>= 1.0.0)
      rack-test (>= 0.5.4)
      selenium-webdriver (>= 0.0.3)
    childprocess (0.0.7)
      ffi (~> 0.6.3)
    configuration (1.1.0)
    cucumber (0.9.2)
      builder (~> 2.1.2)
      diff-lcs (~> 1.1.2)
      gherkin (~> 2.2.5)
      json (~> 1.4.6)
      term-ansicolor (~> 1.0.5)
    cucumber-rails (0.3.2)
      cucumber (>= 0.8.0)
    culerity (0.2.12)
    database_cleaner (0.5.2)
    deadweight (0.1.3)
      hpricot
    diff-lcs (1.1.2)
    erubis (2.6.6)
      abstract (>= 1.0.0)
    escape_utils (0.1.8)
    ffi (0.6.3)
      rake (>= 0.8.7)
    gherkin (2.2.8)
      json (~> 1.4.6)
      term-ansicolor (~> 1.0.5)
    haml (3.0.21)
    hpricot (0.8.2)
    i18n (0.4.1)
    json (1.4.6)
    json_pure (1.4.6)
    launchy (0.3.7)
      configuration (>= 0.0.5)
      rake (>= 0.8.1)
    machinist (2.0.0.beta2)
    mail (2.2.6.1)
      activesupport (>= 2.3.6)
      mime-types
      treetop (>= 1.4.5)
    mime-types (1.16)
    money (3.1.5)
    nokogiri (1.4.3.1)
    polyglot (0.3.1)
    rack (1.2.1)
    rack-mount (0.6.13)
      rack (>= 1.0.0)
    rack-openid (1.2.0)
      rack (>= 1.1.0)
      ruby-openid (>= 2.1.8)
    rack-test (0.5.6)
      rack (>= 1.0)
    rails (3.0.1.pre)
      actionmailer (= 3.0.1.pre)
      actionpack (= 3.0.1.pre)
      activerecord (= 3.0.1.pre)
      activeresource (= 3.0.1.pre)
      activesupport (= 3.0.1.pre)
      bundler (~> 1.0.0)
      railties (= 3.0.1.pre)
    railties (3.0.1.pre)
      actionpack (= 3.0.1.pre)
      activesupport (= 3.0.1.pre)
      rake (>= 0.8.7)
      thor (~> 0.14.2)
    rake (0.8.7)
    rspec (2.0.0)
      rspec-core (= 2.0.0)
      rspec-expectations (= 2.0.0)
      rspec-mocks (= 2.0.0)
    rspec-core (2.0.0)
    rspec-expectations (2.0.0)
      diff-lcs (>= 1.1.2)
    rspec-mocks (2.0.0)
      rspec-core (= 2.0.0)
      rspec-expectations (= 2.0.0)
    rspec-rails (2.0.0)
      rspec (= 2.0.0)
    ruby-oci8 (2.0.4)
    ruby-openid (2.1.8)
    ruby-plsql (0.4.4)
    rubyzip (0.9.4)
    selenium-webdriver (0.0.29)
      childprocess (>= 0.0.7)
      ffi (~> 0.6.3)
      json_pure
      rubyzip
    state_machine (0.9.4)
    syntax (1.0.0)
    term-ansicolor (1.0.5)
    thor (0.14.3)
    treetop (1.4.8)
      polyglot (>= 0.3.1)
    tzinfo (0.3.23)
    unicode_utils (1.0.0)
    webrat (0.7.2.beta.1)
      nokogiri (>= 1.2.0)
      rack (>= 1.0)
      rack-test (>= 0.5.3)
    will_paginate (3.0.pre2)

PLATFORMS
  ruby

DEPENDENCIES
  active_shipping!
  activemerchant!
  activerecord-oracle_enhanced-adapter (>= 1.3.1)
  capybara (= 0.3.9)
  cucumber (>= 0.9.2)
  cucumber-rails (>= 0.3.2)
  database_cleaner (>= 0.5.2)
  deadweight
  devise!
  escape_utils
  haml (>= 3.0.21)
  launchy
  machinist (= 2.0.0.beta2)
  money
  paypal (= 0.1.0)!
  rails (= 3.0.1.pre)
  rspec (>= 2.0.0)
  rspec-rails (>= 2.0.0)
  ruby-oci8 (>= 2.0.4)
  ruby-plsql (>= 0.4.3)
  state_machine (>= 0.9.4)
  syntax
  unicode_utils
  warden!
  warden-openid!
  webrat (= 0.7.2.beta.1)
  will_paginate (>= 3.0.pre2)
